GIT
  remote: https://github.com/ighnatenko/Codebreaker.git
  revision: a9934087e123147ef04396d7ea51ad2773e8973f
  branch: develop
  specs:
    codebreaker (0.1.0)

GEM
  remote: https://rubygems.org/
  specs:
    daemons (1.2.6)
    diff-lcs (1.3)
    eventmachine (1.2.5)
    marshal-structure (2.0)
    rack (2.0.3)
    rspec (3.7.0)
      rspec-core (~> 3.7.0)
      rspec-expectations (~> 3.7.0)
      rspec-mocks (~> 3.7.0)
    rspec-core (3.7.1)
      rspec-support (~> 3.7.0)
    rspec-expectations (3.7.0)
      diff-lcs (>= 1.2.0, < 2.0)
      rspec-support (~> 3.7.0)
    rspec-mocks (3.7.0)
      diff-lcs (>= 1.2.0, < 2.0)
      rspec-support (~> 3.7.0)
    rspec-support (3.7.0)
    slim (3.0.9)
      temple (>= 0.7.6, < 0.9)
      tilt (>= 1.3.3, < 2.1)
    temple (0.8.0)
    thin (1.7.2)
      daemons (~> 1.0, >= 1.0.9)
      eventmachine (~> 1.0, >= 1.0.4)
      rack (>= 1, < 3)
    tilt (2.0.8)

PLATFORMS
  ruby

DEPENDENCIES
  codebreaker!
  marshal-structure (~> 2.0)
  rack
  rspec
  slim
  thin
  tilt

BUNDLED WITH
   1.16.0
